GEM
  remote: http://rubygems.org/
  specs:
    abstract (1.0.0)
    actionmailer (3.0.1)
      actionpack (= 3.0.1)
      mail (~> 2.2.5)
    actionpack (3.0.1)
      activemodel (= 3.0.1)
      activesupport (= 3.0.1)
      builder (~> 2.1.2)
      erubis (~> 2.6.6)
      i18n (~> 0.4.1)
      rack (~> 1.2.1)
      rack-mount (~> 0.6.12)
      rack-test (~> 0.5.4)
      tzinfo (~> 0.3.23)
    activemodel (3.0.1)
      activesupport (= 3.0.1)
      builder (~> 2.1.2)
      i18n (~> 0.4.1)
    activerecord (3.0.1)
      activemodel (= 3.0.1)
      activesupport (= 3.0.1)
      arel (~> 1.0.0)
      tzinfo (~> 0.3.23)
    activeresource (3.0.1)
      activemodel (= 3.0.1)
      activesupport (= 3.0.1)
    activesupport (3.0.1)
    addressable (2.2.0)
    arel (1.0.1)
      activesupport (~> 3.0.0)
    builder (2.1.2)
    chronic (0.2.3)
      hoe (>= 1.2.1)
    columnize (0.3.1)
    crack (0.1.8)
    daemon_controller (0.2.5)
    daemons (1.1.0)
    diff-lcs (1.1.2)
    erubis (2.6.6)
      abstract (>= 1.0.0)
    faker (0.3.1)
    fastercsv (1.5.3)
    hoe (2.6.1)
      rake (>= 0.8.7)
      rubyforge (>= 2.0.4)
    i18n (0.4.1)
    json (1.4.6)
    json_pure (1.4.6)
    libxml-ruby (1.1.3)
    linecache (0.43)
    machinist (1.0.6)
    mail (2.2.7)
      activesupport (>= 2.3.6)
      mime-types
      treetop (>= 1.4.5)
    memcache-client (1.8.5)
    mime-types (1.16)
    mysql (2.8.1)
    nokogiri (1.4.3.1)
    oniguruma (1.1.0)
    polyglot (0.3.1)
    rack (1.2.1)
    rack-mount (0.6.13)
      rack (>= 1.0.0)
    rack-test (0.5.4)
      rack (>= 1.0)
    rails (3.0.1)
      actionmailer (= 3.0.1)
      actionpack (= 3.0.1)
      activerecord (= 3.0.1)
      activeresource (= 3.0.1)
      activesupport (= 3.0.1)
      bundler (~> 1.0.0)
      railties (= 3.0.1)
    railties (3.0.1)
      actionpack (= 3.0.1)
      activesupport (= 3.0.1)
      rake (>= 0.8.4)
      thor (~> 0.14.0)
    rake (0.8.7)
    rchardet (1.3)
    rdoc (2.5.9)
    redis (2.0.11)
    redis-namespace (0.8.0)
      redis (< 3.0.0)
    resque (1.10.0)
      json (~> 1.4.6)
      redis-namespace (~> 0.8.0)
      sinatra (>= 0.9.2)
      vegas (~> 0.1.2)
    rest-client (1.6.0)
      mime-types (>= 1.16)
    riddle (1.0.12)
    rspec (2.0.0.beta.19)
      rspec-core (= 2.0.0.beta.19)
      rspec-expectations (= 2.0.0.beta.19)
      rspec-mocks (= 2.0.0.beta.19)
    rspec-core (2.0.0.beta.19)
    rspec-expectations (2.0.0.beta.19)
      diff-lcs (>= 1.1.2)
    rspec-mocks (2.0.0.beta.19)
    rspec-rails (2.0.0.beta.19)
      rspec (= 2.0.0.beta.19)
      webrat (>= 0.7.2.beta.1)
    ruby-debug (0.10.3)
      columnize (>= 0.1)
      ruby-debug-base (~> 0.10.3.0)
    ruby-debug-base (0.10.3)
      linecache (>= 0.3)
    rubyforge (2.0.4)
      json_pure (>= 1.1.7)
    rubyzip (0.9.4)
    sinatra (1.1.0)
      rack (~> 1.1)
      tilt (~> 1.1)
    system_timer (1.0)
    thor (0.14.0)
    tilt (1.1)
    treetop (1.4.8)
      polyglot (>= 0.3.1)
    tzinfo (0.3.23)
    unicorn (1.1.2)
      rack
    vegas (0.1.8)
      rack (>= 1.0.0)
    webmock (1.3.3)
      addressable (>= 2.1.1)
      crack (>= 0.1.7)
    webrat (0.7.2.beta.1)
      nokogiri (>= 1.2.0)
      rack (>= 1.0)
      rack-test (>= 0.5.3)

PLATFORMS
  ruby

DEPENDENCIES
  chronic (= 0.2.3)
  daemon_controller (= 0.2.5)
  daemons
  faker
  fastercsv
  libxml-ruby (= 1.1.3)
  machinist
  memcache-client
  mime-types
  mysql
  oniguruma
  rails (= 3.0.1)
  rchardet
  rdoc
  resque (= 1.10.0)
  rest-client
  riddle
  rspec (>= 2.0.0.beta.17)
  rspec-rails (>= 2.0.0.beta.17)
  ruby-debug
  rubyzip
  system_timer
  thor
  unicorn
  webmock
